GEM
  specs:
    google-protobuf (3.11.4-universal-darwin)
    googleapis-common-protos-types (1.0.4)
      google-protobuf (~> 3.0)
    grpc (1.25.0-universal-darwin)
      google-protobuf (~> 3.8)
      googleapis-common-protos-types (~> 1.0)

PLATFORMS
  ruby

DEPENDENCIES
  grpc

BUNDLED WITH
   2.1.2
